GEM
  remote: http://rubygems.org/
  specs:
    addressable (2.2.6)
    coffee-script (2.2.0)
      coffee-script-source
      execjs
    coffee-script-source (1.6.2)
    daemons (1.1.9)
    em-http-request (1.0.0.beta.4)
      addressable (>= 2.2.3)
      em-socksify
      eventmachine (>= 1.0.0.beta.3)
      http_parser.rb (>= 0.5.1)
    em-socksify (0.1.0)
      eventmachine
    eventmachine (1.0.0.beta.3)
    execjs (1.4.0)
      multi_json (~> 1.0)
    http_parser.rb (0.5.1)
    json (1.5.3)
    mime-types (1.16)
    multi_json (1.7.2)
    quimby (0.4.5)
      json
      typhoeus
    rack (1.5.2)
    rack-protection (1.5.0)
      rack
    redis (2.2.2)
    sinatra (1.4.2)
      rack (~> 1.5, >= 1.5.2)
      rack-protection (~> 1.4)
      tilt (~> 1.3, >= 1.3.4)
    thin (1.5.1)
      daemons (>= 1.0.9)
      eventmachine (>= 0.12.6)
      rack (>= 1.0.0)
    tilt (1.4.0)
    typhoeus (0.2.4)
      mime-types
      mime-types

PLATFORMS
  ruby

DEPENDENCIES
  coffee-script
  em-http-request (= 1.0.0.beta.4)
  eventmachine (>= 1.0.0.beta.3)
  quimby
  redis
  sinatra
  thin
