GEM
  remote: http://rubygems.org/
  specs:
    addressable (2.2.6)
    em-http-request (1.0.0.beta.4)
      addressable (>= 2.2.3)
      em-socksify
      eventmachine (>= 1.0.0.beta.3)
      http_parser.rb (>= 0.5.1)
    em-socksify (0.1.0)
      eventmachine
    eventmachine (1.0.0.beta.3)
    http_parser.rb (0.5.1)
    json (1.5.3)
    mime-types (1.16)
    quimby (0.4.5)
      json
      typhoeus
    rack (1.3.2)
    redis (2.2.2)
    sinatra (1.2.6)
      rack (~> 1.1)
      tilt (>= 1.2.2, < 2.0)
    tilt (1.3.2)
    typhoeus (0.2.4)
      mime-types
      mime-types

PLATFORMS
  ruby

DEPENDENCIES
  em-http-request (= 1.0.0.beta.4)
  eventmachine (>= 1.0.0.beta.3)
  quimby
  redis
  sinatra
